GEM
  remote: https://rubygems.org/
  specs:
    connection_pool (2.3.0)
    rack (2.2.4)
    redis (4.8.0)
    sidekiq (6.5.7)
      connection_pool (>= 2.2.5)
      rack (~> 2.0)
      redis (>= 4.5.0, < 5)
    webrick (1.7.0)

PLATFORMS
  arm64-darwin-21

DEPENDENCIES
  sidekiq
  webrick

BUNDLED WITH
   2.3.22
