GEM
  remote: https://rubygems.org/
  specs:
    connection_pool (2.3.0)
    rack (2.2.4)
    redis (4.8.0)
    sidekiq (6.5.7)
      connection_pool (>= 2.2.5)
      rack (~> 2.0)
      redis (>= 4.5.0, < 5)

PLATFORMS
  ruby

DEPENDENCIES
  sidekiq

BUNDLED WITH
   1.15.4
